GEM
  remote: https://rubygems.org/
  specs:
    byebug (11.1.3)
    coderay (1.1.3)
    method_source (1.0.0)
    pry (0.14.2)
      coderay (~> 1.1)
      method_source (~> 1.0)
    pry-byebug (3.10.1)
      byebug (~> 11.0)
      pry (>= 0.13, < 0.15)
    rack (3.0.8)
    rulers (0.0.2)
      rack

PLATFORMS
  arm64-darwin-21

DEPENDENCIES
  pry-byebug
  rulers

BUNDLED WITH
   2.4.13
